GEM
  remote: https://rubygems.org/
  specs:
    childprocess (0.9.0)
      ffi (~> 1.0, >= 1.0.11)
    dotenv (2.5.0)
    ffi (1.9.25)
    regexp_parser (1.2.0)
    rubyzip (1.2.2)
    selenium-webdriver (3.141.0)
      childprocess (~> 0.5)
      rubyzip (~> 1.2, >= 1.2.2)
    watir (6.15.0)
      regexp_parser (~> 1.2)
      selenium-webdriver (~> 3.4, >= 3.4.1)

PLATFORMS
  ruby

DEPENDENCIES
  dotenv
  watir

RUBY VERSION
   ruby 2.5.1p57

BUNDLED WITH
   1.17.1
